GEM
  remote: http://rubygems.org/
  specs:
    alphadecimal (1.1.1)
    redis (2.2.2)

PLATFORMS
  ruby

DEPENDENCIES
  alphadecimal (= 1.1.1)
  redis
