PATH
  remote: ../
  specs:
    hornet-connector-ruby (0.2.3)
      alphadecimal (= 1.1.1)
      alphadecimal
      json
      redis

GEM
  specs:
    alphadecimal (1.1.1)
    haml (3.1.3)
    json (1.6.1)
    rack (1.3.5)
    redis (2.2.2)
    sinatra (1.2.7)
      rack (~> 1.1)
      tilt (>= 1.2.2, < 2.0)
    tilt (1.3.3)

PLATFORMS
  ruby

DEPENDENCIES
  haml
  hornet-connector-ruby!
  sinatra
